GEM
  remote: https://rubygems.org/
  specs:
    ast (2.4.0)
    bson (4.4.2)
    concurrent-ruby (1.1.4)
    fast-stemmer (1.0.2)
    gnuplotrb (0.4.0)
      hamster (~> 3.0)
    hamster (3.0.0)
      concurrent-ruby (~> 1.0)
    jaro_winkler (1.5.2)
    link_header (0.0.8)
    minitest (5.11.3)
    mongo (2.7.0)
      bson (>= 4.4.2, < 5.0.0)
    parallel (1.13.0)
    parser (2.6.0.0)
      ast (~> 2.4.0)
    powerpack (0.1.2)
    rainbow (3.0.0)
    rake (12.3.2)
    rdf (3.0.10)
      hamster (~> 3.0)
      link_header (~> 0.0, >= 0.0.8)
    redis (4.1.0)
    rubocop (0.64.0)
      jaro_winkler (~> 1.5.1)
      parallel (~> 1.10)
      parser (>= 2.5, != 2.5.1.1)
      powerpack (~> 0.1)
      rainbow (>= 2.2.2, < 4.0)
      ruby-progressbar (~> 1.7)
      unicode-display_width (~> 1.4.0)
    ruby-graphviz (1.2.4)
    ruby-progressbar (1.10.0)
    sxp (1.0.1)
      rdf (>= 2.2, < 4.0)
    unicode-display_width (1.4.1)

PLATFORMS
  ruby

DEPENDENCIES
  fast-stemmer (~> 1.0)
  gnuplotrb (~> 0.4.0)
  minitest (~> 5.11)
  mongo (~> 2.7)
  rake (~> 12.3)
  redis (~> 4.1)
  rubocop
  ruby-graphviz (~> 1.2)
  sxp (~> 1.0)

BUNDLED WITH
   2.0.1
