GEM
  remote: https://rubygems.org/
  specs:
    ast (2.4.0)
    awesome_print (1.8.0)
    backports (3.11.4)
    bson (4.4.2)
    clbustos-rtf (0.4.2)
    concurrent-ruby (1.1.4)
    daru (0.2.1)
      backports
      packable (~> 1.3.9)
    dirty-memoize (0.0.4)
    distribution (0.7.3)
    extendmatrix (0.4)
    fast-stemmer (1.0.2)
    gnuplotrb (0.4.0)
      hamster (~> 3.0)
    hamster (3.0.0)
      concurrent-ruby (~> 1.0)
    jaro_winkler (1.5.2)
    link_header (0.0.8)
    minimization (0.2.5)
      text-table (~> 1.2)
    minitest (5.11.3)
    mongo (2.7.0)
      bson (>= 4.4.2, < 5.0.0)
    packable (1.3.10)
      backports
    parallel (1.13.0)
    parser (2.6.0.0)
      ast (~> 2.4.0)
    powerpack (0.1.2)
    prawn (0.8.4)
      prawn-core (>= 0.8.4, < 0.9)
      prawn-layout (>= 0.8.4, < 0.9)
      prawn-security (>= 0.8.4, < 0.9)
    prawn-core (0.8.4)
    prawn-layout (0.8.4)
    prawn-security (0.8.4)
    prawn-svg (0.9.1.11)
      prawn (>= 0.8.4)
    rainbow (3.0.0)
    rake (12.3.2)
    rdf (3.0.10)
      hamster (~> 3.0)
      link_header (~> 0.0, >= 0.0.8)
    redis (4.1.0)
    reportbuilder (1.4.2)
      clbustos-rtf (~> 0.4.0)
      prawn (~> 0.8.4)
      prawn-svg (~> 0.9.1)
      text-table (~> 1.2)
    rserve-client (0.3.5)
    rubocop (0.64.0)
      jaro_winkler (~> 1.5.1)
      parallel (~> 1.10)
      parser (>= 2.5, != 2.5.1.1)
      powerpack (~> 0.1)
      rainbow (>= 2.2.2, < 4.0)
      ruby-progressbar (~> 1.7)
      unicode-display_width (~> 1.4.0)
    ruby-graphviz (1.2.4)
    ruby-ole (1.2.12.1)
    ruby-progressbar (1.10.0)
    rubyvis (0.6.1)
    spreadsheet (1.1.9)
      ruby-ole (>= 1.0)
    statsample (2.0.2)
      awesome_print (~> 1.6)
      daru (~> 0.1)
      dirty-memoize (~> 0.0.4)
      distribution (~> 0.7)
      extendmatrix (~> 0.4)
      minimization (~> 0.2)
      reportbuilder (~> 1.4)
      rserve-client (~> 0.3)
      rubyvis (~> 0.6.1)
      spreadsheet (~> 1.1)
    statsample-glm (0.2.1)
      daru (~> 0.1)
      statsample (~> 2.0)
    sxp (1.0.1)
      rdf (>= 2.2, < 4.0)
    text-table (1.2.4)
    unicode-display_width (1.4.1)

PLATFORMS
  ruby

DEPENDENCIES
  daru (~> 0.2.1)
  fast-stemmer (~> 1.0)
  gnuplotrb (~> 0.4.0)
  minitest (~> 5.11)
  mongo (~> 2.7)
  rake (~> 12.3)
  redis (~> 4.1)
  rubocop
  ruby-graphviz (~> 1.2)
  statsample-glm (~> 0.2.1)
  sxp (~> 1.0)

BUNDLED WITH
   2.0.1
