GEM
  remote: https://rubygems.org/
  specs:
    concurrent-ruby (1.1.4)
    gnuplotrb (0.4.0)
      hamster (~> 3.0)
    hamster (3.0.0)
      concurrent-ruby (~> 1.0)

PLATFORMS
  ruby

DEPENDENCIES
  gnuplotrb (~> 0.4.0)

BUNDLED WITH
   2.0.1
